GEM
  remote: https://rubygems.org/
  specs:
    connection_pool (2.4.1)
    redis-client (0.18.0)
      connection_pool

PLATFORMS
  x86_64-darwin-20

DEPENDENCIES
  redis-client

RUBY VERSION
   ruby 3.1.4p223

BUNDLED WITH
   2.4.14
